GEM
  remote: https://rubygems.org/
  specs:
    json (1.7.7)
    rack (1.5.2)
    rack-protection (1.5.0)
      rack
    rack-recaptcha (0.6.6)
      json
    shotgun (0.9)
      rack (>= 1.0)
    sinatra (1.4.2)
      rack (~> 1.5, >= 1.5.2)
      rack-protection (~> 1.4)
      tilt (~> 1.3, >= 1.3.4)
    tilt (1.3.6)

PLATFORMS
  ruby

DEPENDENCIES
  rack-recaptcha
  shotgun
  sinatra
