GEM
  remote: https://rubygems.org/
  specs:
    json (1.7.7)
    kgio (2.8.0)
    rack (1.5.2)
    rack-protection (1.5.0)
      rack
    raindrops (0.10.0)
    rake (10.0.4)
    redis (3.0.3)
    shotgun (0.9)
      rack (>= 1.0)
    sinatra (1.4.1)
      rack (~> 1.5, >= 1.5.2)
      rack-protection (~> 1.4)
      tilt (~> 1.3, >= 1.3.4)
    tilt (1.3.6)
    unicorn (4.6.2)
      kgio (~> 2.6)
      rack
      raindrops (~> 0.7)

PLATFORMS
  ruby

DEPENDENCIES
  json (= 1.7.7)
  rake
  redis
  shotgun
  sinatra (= 1.4.1)
  unicorn
